STORAGE: NONE
NUGET
  remote: https://api.nuget.org/v3/index.json
    Baseline (3.2.2) - restriction: >= netstandard2.0
    BaselineTypeDiscovery (1.1.3) - restriction: >= netstandard2.0
      System.Runtime.Loader (>= 4.3) - restriction: || (&& (< net461) (>= netstandard2.0) (< netstandard2.1)) (&& (< net5.0) (>= netstandard2.1))
    BenchmarkDotnet (0.13.1)
      BenchmarkDotNet.Annotations (>= 0.13.1) - restriction: >= netstandard2.0
      CommandLineParser (>= 2.4.3) - restriction: >= netstandard2.0
      Iced (>= 1.8) - restriction: >= netstandard2.0
      Microsoft.CodeAnalysis.CSharp (>= 2.10) - restriction: >= netstandard2.0
      Microsoft.Diagnostics.NETCore.Client (>= 0.2.61701) - restriction: >= netstandard2.0
      Microsoft.Diagnostics.Runtime (>= 1.1.126102) - restriction: >= netstandard2.0
      Microsoft.Diagnostics.Tracing.TraceEvent (>= 2.0.61) - restriction: >= netstandard2.0
      Microsoft.DotNet.PlatformAbstractions (>= 2.1) - restriction: >= netstandard2.0
      Microsoft.Win32.Registry (>= 4.5) - restriction: >= netstandard2.0
      Perfolizer (>= 0.2.1) - restriction: >= netstandard2.0
      System.Management (>= 4.5) - restriction: >= netstandard2.0
      System.Reflection.Emit (>= 4.3) - restriction: >= netstandard2.0
      System.Reflection.Emit.Lightweight (>= 4.3) - restriction: >= netstandard2.0
      System.Threading.Tasks.Extensions (>= 4.5.2) - restriction: >= netstandard2.0
      System.ValueTuple (>= 4.5) - restriction: >= netstandard2.0
    BenchmarkDotNet.Annotations (0.13.1) - restriction: >= netstandard2.0
    CommandLineParser (2.8) - restriction: >= netstandard2.0
    CsvHelper (27.2.1)
      Microsoft.Bcl.AsyncInterfaces (>= 1.0) - restriction: || (&& (< net45) (>= netstandard2.0) (< netstandard2.1)) (>= net47)
      Microsoft.Bcl.HashCode (>= 1.0) - restriction: || (&& (< net45) (>= netstandard2.0) (< netstandard2.1)) (>= net47)
      Microsoft.CSharp (>= 4.3) - restriction: || (&& (>= net45) (< netstandard2.0)) (&& (< net45) (>= netstandard2.0) (< netstandard2.1)) (>= net47) (&& (< net5.0) (>= netstandard2.1))
      System.Memory (>= 4.5) - restriction: || (&& (>= net45) (< netstandard2.0)) (&& (< net45) (>= netstandard2.0) (< netstandard2.1)) (>= net47)
      System.Threading.Tasks.Extensions (>= 4.5.2) - restriction: || (&& (< net45) (>= netstandard2.0) (< netstandard2.1)) (>= net47)
      System.ValueTuple (>= 4.3) - restriction: && (>= net45) (< net47) (< netstandard2.0)
    Expecto (9.0.2)
      FSharp.Core (>= 4.6) - restriction: || (>= net461) (>= netstandard2.0)
      Mono.Cecil (>= 0.11.2) - restriction: || (>= net461) (>= netstandard2.0)
    FastExpressionCompiler.Internal.src (3.2.2) - restriction: >= netstandard2.0
      System.Dynamic.Runtime (>= 4.3) - restriction: && (< net45) (>= netstandard2.0)
      System.Reflection.Emit.Lightweight (>= 4.7) - restriction: && (< net45) (>= netstandard2.0)
      System.ValueTuple (>= 4.5) - restriction: >= net45
    FsCheck (2.16.4)
      FSharp.Core (>= 4.0.0.1) - restriction: && (< net452) (>= netstandard1.0) (< netstandard1.6)
      FSharp.Core (>= 4.2.3) - restriction: || (>= net452) (>= netstandard1.6)
    FSharp.Core (6.0) - redirects: force
    Humanizer.Core (2.14.1) - restriction: >= netstandard2.0
    Iced (1.17) - restriction: >= netstandard2.0
    LamarCodeGeneration (6.1.1) - restriction: >= netstandard2.0
      System.Reflection.Emit.Lightweight (>= 4.7) - restriction: >= netstandard2.0
      System.Threading.Tasks.Extensions (>= 4.5.4) - restriction: >= netstandard2.0
      System.ValueTuple (>= 4.5) - restriction: >= netstandard2.0
    LamarCompiler (6.1.1) - restriction: >= netstandard2.0
      BaselineTypeDiscovery (>= 1.1.3) - restriction: >= netstandard2.0
      LamarCodeGeneration (>= 6.1.1) - restriction: >= netstandard2.0
      Microsoft.CodeAnalysis (>= 4.1) - restriction: >= netstandard2.0
      Microsoft.CodeAnalysis.CSharp (>= 4.1) - restriction: >= netstandard2.0
      Microsoft.CodeAnalysis.Scripting (>= 4.1) - restriction: >= netstandard2.0
      System.Reflection.Emit.Lightweight (>= 4.7) - restriction: >= netstandard2.0
      System.Runtime.Loader (>= 4.3) - restriction: >= netstandard2.0
    Marten (5.0) - restriction: || (>= net462) (>= netstandard1.6)
      BaselineTypeDiscovery (>= 1.1.3) - restriction: >= netstandard2.0
      FastExpressionCompiler.Internal.src (>= 3.2.2) - restriction: >= netstandard2.0
      LamarCodeGeneration (>= 6.1.1) - restriction: >= netstandard2.0
      LamarCompiler (>= 6.1.1) - restriction: >= netstandard2.0
      Microsoft.Extensions.DependencyInjection.Abstractions (>= 3.1.22) - restriction: && (< net5.0) (>= netstandard2.0)
      Microsoft.Extensions.DependencyInjection.Abstractions (>= 5.0) - restriction: && (>= net5.0) (< net6.0)
      Microsoft.Extensions.DependencyInjection.Abstractions (>= 6.0) - restriction: >= net6.0
      Microsoft.Extensions.Hosting.Abstractions (>= 3.1.22) - restriction: && (< net5.0) (>= netstandard2.0)
      Microsoft.Extensions.Hosting.Abstractions (>= 5.0) - restriction: && (>= net5.0) (< net6.0)
      Microsoft.Extensions.Hosting.Abstractions (>= 6.0) - restriction: >= net6.0
      Microsoft.Extensions.Logging.Abstractions (>= 3.1.22) - restriction: && (< net5.0) (>= netstandard2.0)
      Microsoft.Extensions.Logging.Abstractions (>= 5.0) - restriction: && (>= net5.0) (< net6.0)
      Microsoft.Extensions.Logging.Abstractions (>= 6.0) - restriction: >= net6.0
      Newtonsoft.Json (>= 13.0.1) - restriction: >= netstandard2.0
      Npgsql.Json.NET (>= 6.0.1 < 7.0) - restriction: >= netstandard2.0
      Remotion.Linq (>= 2.2) - restriction: >= netstandard2.0
      System.Collections.Immutable (>= 6.0) - restriction: && (< net5.0) (>= netstandard2.0)
      System.Text.Json (>= 6.0) - restriction: >= netstandard2.0
      System.Threading.Tasks.Dataflow (>= 6.0) - restriction: >= netstandard2.0
      Weasel.Postgresql (>= 5.2) - restriction: >= netstandard2.0
    Marten.FSharp (0.4.3)
      FSharp.Core (>= 4.3.4) - restriction: || (>= net462) (>= netstandard1.6)
      Marten (>= 2.9) - restriction: || (>= net462) (>= netstandard1.6)
    Melanchall.DryWetMidi (6.0.1)
    Microsoft.Bcl.AsyncInterfaces (6.0) - restriction: || (>= net47) (>= netstandard2.0)
      System.Threading.Tasks.Extensions (>= 4.5.4) - restriction: || (>= net461) (&& (>= netstandard2.0) (< netstandard2.1))
    Microsoft.Bcl.HashCode (1.1.1) - restriction: || (>= net47) (&& (>= netstandard2.0) (< netstandard2.1))
    Microsoft.CodeAnalysis (4.1) - restriction: >= netstandard2.0
      Microsoft.CodeAnalysis.CSharp.Workspaces (4.1) - restriction: >= netstandard2.0
      Microsoft.CodeAnalysis.VisualBasic.Workspaces (4.1) - restriction: >= netstandard2.0
    Microsoft.CodeAnalysis.Analyzers (3.3.3) - restriction: >= netstandard2.0
    Microsoft.CodeAnalysis.Common (4.1) - restriction: >= netstandard2.0
      Microsoft.CodeAnalysis.Analyzers (>= 3.3.3) - restriction: >= netstandard2.0
      System.Collections.Immutable (>= 5.0) - restriction: >= netstandard2.0
      System.Memory (>= 4.5.4) - restriction: >= netstandard2.0
      System.Reflection.Metadata (>= 5.0) - restriction: >= netstandard2.0
      System.Runtime.CompilerServices.Unsafe (>= 5.0) - restriction: >= netstandard2.0
      System.Text.Encoding.CodePages (>= 4.5.1) - restriction: >= netstandard2.0
      System.Threading.Tasks.Extensions (>= 4.5.4) - restriction: >= netstandard2.0
    Microsoft.CodeAnalysis.CSharp (4.1) - restriction: >= netstandard2.0
      Microsoft.CodeAnalysis.Common (4.1) - restriction: >= netstandard2.0
    Microsoft.CodeAnalysis.CSharp.Scripting (4.1) - restriction: >= netstandard2.0
      Microsoft.CodeAnalysis.Common (4.1) - restriction: >= netstandard2.0
      Microsoft.CodeAnalysis.CSharp (4.1) - restriction: >= netstandard2.0
      Microsoft.CodeAnalysis.Scripting.Common (4.1) - restriction: >= netstandard2.0
      Microsoft.CSharp (>= 4.7) - restriction: >= netstandard2.0
    Microsoft.CodeAnalysis.CSharp.Workspaces (4.1) - restriction: >= netstandard2.0
      Humanizer.Core (>= 2.2) - restriction: >= netstandard2.0
      Microsoft.CodeAnalysis.Common (4.1) - restriction: >= netstandard2.0
      Microsoft.CodeAnalysis.CSharp (4.1) - restriction: >= netstandard2.0
      Microsoft.CodeAnalysis.Workspaces.Common (4.1) - restriction: >= netstandard2.0
    Microsoft.CodeAnalysis.Scripting (4.1) - restriction: >= netstandard2.0
      Microsoft.CodeAnalysis.CSharp.Scripting (4.1) - restriction: >= netstandard2.0
    Microsoft.CodeAnalysis.Scripting.Common (4.1) - restriction: >= netstandard2.0
      Microsoft.CodeAnalysis.Common (4.1) - restriction: >= netstandard2.0
    Microsoft.CodeAnalysis.VisualBasic (4.1) - restriction: >= netstandard2.0
      Microsoft.CodeAnalysis.Common (4.1) - restriction: >= netstandard2.0
    Microsoft.CodeAnalysis.VisualBasic.Workspaces (4.1) - restriction: >= netstandard2.0
      Microsoft.CodeAnalysis.Common (4.1) - restriction: >= netstandard2.0
      Microsoft.CodeAnalysis.VisualBasic (4.1) - restriction: >= netstandard2.0
      Microsoft.CodeAnalysis.Workspaces.Common (4.1) - restriction: >= netstandard2.0
    Microsoft.CodeAnalysis.Workspaces.Common (4.1) - restriction: >= netstandard2.0
      Humanizer.Core (>= 2.2) - restriction: >= netstandard2.0
      Microsoft.Bcl.AsyncInterfaces (>= 5.0) - restriction: >= netstandard2.0
      Microsoft.CodeAnalysis.Common (4.1) - restriction: >= netstandard2.0
      System.Composition (>= 1.0.31) - restriction: >= netstandard2.0
      System.IO.Pipelines (>= 5.0.1) - restriction: >= netstandard2.0
    Microsoft.CSharp (4.7) - restriction: || (>= net45) (&& (< net5.0) (>= netstandard2.1)) (>= netstandard2.0)
    Microsoft.Diagnostics.NETCore.Client (0.2.257301) - restriction: >= netstandard2.0
      Microsoft.Bcl.AsyncInterfaces (>= 1.1) - restriction: >= netstandard2.0
      Microsoft.Extensions.Logging (>= 2.1.1) - restriction: >= netstandard2.0
    Microsoft.Diagnostics.Runtime (2.0.226801) - restriction: >= netstandard2.0
      Microsoft.Diagnostics.NETCore.Client (>= 0.2.221401) - restriction: || (>= net461) (>= netstandard2.0)
      System.Buffers (>= 4.5.1) - restriction: || (>= net461) (>= netstandard2.0)
      System.Collections.Immutable (>= 5.0) - restriction: || (>= net461) (>= netstandard2.0)
      System.Memory (>= 4.5.4) - restriction: || (>= net461) (>= netstandard2.0)
      System.Reflection.Metadata (>= 5.0) - restriction: || (>= net461) (>= netstandard2.0)
      System.Runtime.CompilerServices.Unsafe (>= 4.5.3) - restriction: || (>= net461) (>= netstandard2.0)
    Microsoft.Diagnostics.Tracing.TraceEvent (2.0.76) - restriction: >= netstandard2.0
      System.Runtime.CompilerServices.Unsafe (>= 4.5.2) - restriction: || (>= net45) (>= netstandard1.6)
    Microsoft.DotNet.PlatformAbstractions (3.1.6) - restriction: >= netstandard2.0
      System.Runtime.InteropServices.RuntimeInformation (>= 4.0) - restriction: || (>= net45) (&& (>= netstandard1.3) (< netstandard2.0))
    Microsoft.Extensions.Configuration.Abstractions (6.0) - restriction: >= netstandard2.0
      Microsoft.Extensions.Primitives (>= 6.0) - restriction: || (>= net461) (>= netstandard2.0)
      System.ValueTuple (>= 4.5) - restriction: >= net461
    Microsoft.Extensions.DependencyInjection (6.0) - restriction: >= netstandard2.0
      Microsoft.Bcl.AsyncInterfaces (>= 6.0) - restriction: || (>= net461) (&& (>= netstandard2.0) (< netstandard2.1))
      Microsoft.Extensions.DependencyInjection.Abstractions (>= 6.0) - restriction: || (>= net461) (>= netstandard2.0)
      System.Runtime.CompilerServices.Unsafe (>= 6.0) - restriction: || (>= net461) (>= netstandard2.0)
      System.Threading.Tasks.Extensions (>= 4.5.4) - restriction: || (>= net461) (&& (>= netstandard2.0) (< netstandard2.1))
    Microsoft.Extensions.DependencyInjection.Abstractions (6.0) - restriction: >= netstandard2.0
      Microsoft.Bcl.AsyncInterfaces (>= 6.0) - restriction: || (>= net461) (&& (>= netstandard2.0) (< netstandard2.1))
      System.Threading.Tasks.Extensions (>= 4.5.4) - restriction: || (>= net461) (&& (>= netstandard2.0) (< netstandard2.1))
    Microsoft.Extensions.FileProviders.Abstractions (6.0) - restriction: >= netstandard2.0
      Microsoft.Extensions.Primitives (>= 6.0) - restriction: || (>= net461) (>= netstandard2.0)
    Microsoft.Extensions.Hosting.Abstractions (6.0) - restriction: >= netstandard2.0
      Microsoft.Bcl.AsyncInterfaces (>= 6.0) - restriction: || (>= net461) (&& (>= netstandard2.0) (< netstandard2.1))
      Microsoft.Extensions.Configuration.Abstractions (>= 6.0) - restriction: || (>= net461) (>= netstandard2.0)
      Microsoft.Extensions.DependencyInjection.Abstractions (>= 6.0) - restriction: || (>= net461) (>= netstandard2.0)
      Microsoft.Extensions.FileProviders.Abstractions (>= 6.0) - restriction: || (>= net461) (>= netstandard2.0)
      System.Runtime.CompilerServices.Unsafe (>= 6.0) - restriction: || (>= net461) (&& (>= netstandard2.0) (< netstandard2.1))
      System.Threading.Tasks.Extensions (>= 4.5.4) - restriction: || (>= net461) (&& (>= netstandard2.0) (< netstandard2.1))
    Microsoft.Extensions.Logging (6.0) - restriction: >= netstandard2.0
      Microsoft.Bcl.AsyncInterfaces (>= 6.0) - restriction: || (>= net461) (&& (>= netstandard2.0) (< netstandard2.1))
      Microsoft.Extensions.DependencyInjection (>= 6.0) - restriction: || (>= net461) (>= netstandard2.0)
      Microsoft.Extensions.DependencyInjection.Abstractions (>= 6.0) - restriction: || (>= net461) (>= netstandard2.0)
      Microsoft.Extensions.Logging.Abstractions (>= 6.0) - restriction: || (>= net461) (>= netstandard2.0)
      Microsoft.Extensions.Options (>= 6.0) - restriction: || (>= net461) (>= netstandard2.0)
      System.Diagnostics.DiagnosticSource (>= 6.0) - restriction: || (>= net461) (>= netstandard2.0)
      System.ValueTuple (>= 4.5) - restriction: >= net461
    Microsoft.Extensions.Logging.Abstractions (6.0.1) - restriction: >= netstandard2.0
      System.Buffers (>= 4.5.1) - restriction: || (>= net461) (&& (< net6.0) (>= netstandard2.0))
      System.Memory (>= 4.5.4) - restriction: || (>= net461) (&& (< net6.0) (>= netstandard2.0))
    Microsoft.Extensions.Options (6.0) - restriction: >= netstandard2.0
      Microsoft.Extensions.DependencyInjection.Abstractions (>= 6.0) - restriction: || (>= net461) (>= netstandard2.0)
      Microsoft.Extensions.Primitives (>= 6.0) - restriction: || (>= net461) (>= netstandard2.0)
      System.ComponentModel.Annotations (>= 5.0) - restriction: && (< net461) (>= netstandard2.0) (< netstandard2.1)
    Microsoft.Extensions.Primitives (6.0) - restriction: >= netstandard2.0
      System.Memory (>= 4.5.4) - restriction: || (>= net461) (&& (< netcoreapp3.1) (>= netstandard2.0))
      System.Runtime.CompilerServices.Unsafe (>= 6.0) - restriction: || (>= net461) (>= netstandard2.0)
    Microsoft.NETCore.Platforms (5.0.2) - restriction: || (&& (>= monoandroid) (>= netcoreapp2.0) (< netstandard1.3)) (&& (>= monoandroid) (>= netcoreapp2.1) (< netstandard1.3)) (&& (< monoandroid) (< monotouch) (< net45) (>= netstandard1.3) (< win8) (< wpa81) (< xamarinios) (< xamarinmac) (< xamarintvos) (< xamarinwatchos)) (&& (< monoandroid) (< monotouch) (< net45) (>= netstandard1.5) (< netstandard2.0) (< win8) (< wpa81) (< xamarintvos) (< xamarinwatchos)) (&& (< monoandroid) (< monotouch) (< net45) (>= netstandard1.5) (< win8) (< wpa81) (< xamarinios) (< xamarinmac) (< xamarintvos) (< xamarinwatchos)) (&& (< monoandroid) (< net35) (>= netstandard2.0) (< win8) (< wpa81) (< xamarinios) (< xamarinmac) (< xamarintvos) (< xamarinwatchos)) (&& (< monoandroid) (< net45) (>= netstandard1.1) (< netstandard1.2) (< win8)) (&& (< monoandroid) (< net45) (>= netstandard1.2) (< netstandard1.3) (< win8) (< wpa81)) (&& (< monoandroid) (< net45) (< netstandard1.2) (>= netstandard1.3) (< win8)) (&& (< monoandroid) (< net45) (>= netstandard1.3) (< netstandard1.5) (< win8) (< wpa81)) (&& (< monoandroid) (< net45) (< netstandard1.3) (>= netstandard1.5) (< win8) (< wpa81)) (&& (< monoandroid) (>= netcoreapp2.0) (< netcoreapp2.1)) (&& (>= monotouch) (>= netcoreapp2.0)) (&& (>= monotouch) (>= netcoreapp2.1)) (&& (>= net461) (>= netcoreapp2.0)) (&& (>= net461) (>= netcoreapp2.1)) (&& (>= netcoreapp2.0) (< netcoreapp2.1) (>= xamarinios)) (&& (>= netcoreapp2.0) (< netcoreapp2.1) (>= xamarinmac)) (&& (>= netcoreapp2.0) (< netcoreapp2.1) (>= xamarintvos)) (&& (>= netcoreapp2.0) (< netcoreapp2.1) (>= xamarinwatchos)) (&& (>= netcoreapp2.0) (>= uap10.1)) (&& (< netcoreapp2.0) (>= netcoreapp2.1)) (&& (>= netcoreapp2.1) (< netcoreapp3.0)) (&& (>= netcoreapp2.1) (>= uap10.1))
    Microsoft.NETCore.Targets (5.0) - restriction: || (&& (< monoandroid) (< monotouch) (< net45) (>= netstandard1.3) (< win8) (< wpa81) (< xamarinios) (< xamarinmac) (< xamarintvos) (< xamarinwatchos)) (&& (< monoandroid) (< monotouch) (< net45) (>= netstandard1.5) (< netstandard2.0) (< win8) (< wpa81) (< xamarintvos) (< xamarinwatchos)) (&& (< monoandroid) (< monotouch) (< net45) (>= netstandard1.5) (< win8) (< wpa81) (< xamarinios) (< xamarinmac) (< xamarintvos) (< xamarinwatchos)) (&& (< monoandroid) (< net35) (>= netstandard2.0) (< win8) (< wpa81) (< xamarinios) (< xamarinmac) (< xamarintvos) (< xamarinwatchos)) (&& (< monoandroid) (< net45) (>= netstandard1.1) (< netstandard1.2) (< win8)) (&& (< monoandroid) (< net45) (>= netstandard1.2) (< netstandard1.3) (< win8) (< wpa81)) (&& (< monoandroid) (< net45) (< netstandard1.2) (>= netstandard1.3) (< win8)) (&& (< monoandroid) (< net45) (>= netstandard1.3) (< netstandard1.5) (< win8) (< wpa81)) (&& (< monoandroid) (< net45) (< netstandard1.3) (>= netstandard1.5) (< win8) (< wpa81))
    Microsoft.Win32.Registry (5.0) - restriction: || (&& (< net6.0) (>= netcoreapp3.1)) (>= netstandard2.0)
      System.Buffers (>= 4.5.1) - restriction: || (&& (>= monoandroid) (< netstandard1.3)) (>= monotouch) (&& (< net46) (< netcoreapp2.0) (>= netstandard2.0)) (>= xamarinios) (>= xamarinmac) (>= xamarintvos) (>= xamarinwatchos)
      System.Memory (>= 4.5.4) - restriction: || (&& (< monoandroid) (>= netcoreapp2.0) (< netcoreapp2.1) (< xamarinios) (< xamarinmac) (< xamarintvos) (< xamarinwatchos)) (&& (< net46) (< netcoreapp2.0) (>= netstandard2.0) (< xamarinios) (< xamarinmac) (< xamarintvos) (< xamarinwatchos)) (>= uap10.1)
      System.Security.AccessControl (>= 5.0) - restriction: || (&& (>= monoandroid) (< netstandard1.3)) (&& (< monoandroid) (>= netcoreapp2.0)) (>= monotouch) (&& (< net46) (< netcoreapp2.0) (>= netstandard2.0)) (>= net461) (>= netcoreapp2.1) (>= uap10.1) (>= xamarinios) (>= xamarinmac) (>= xamarintvos) (>= xamarinwatchos)
      System.Security.Principal.Windows (>= 5.0) - restriction: || (&& (>= monoandroid) (< netstandard1.3)) (&& (< monoandroid) (>= netcoreapp2.0)) (>= monotouch) (&& (< net46) (< netcoreapp2.0) (>= netstandard2.0)) (>= net461) (>= netcoreapp2.1) (>= uap10.1) (>= xamarinios) (>= xamarinmac) (>= xamarintvos) (>= xamarinwatchos)
    Mono.Cecil (0.11.3) - restriction: || (>= net461) (>= netstandard2.0)
    NAudio.Core (2.0) - restriction: >= netstandard2.0
    NAudio.Midi (2.0.1)
      NAudio.Core (>= 2.0) - restriction: >= netstandard2.0
    Newtonsoft.Json (13.0.1) - restriction: >= netstandard2.0
    Npgsql (6.0.3) - restriction: >= netstandard2.0
      Microsoft.Bcl.AsyncInterfaces (>= 6.0) - restriction: && (>= netstandard2.0) (< netstandard2.1)
      Microsoft.Bcl.HashCode (>= 1.1.1) - restriction: && (>= netstandard2.0) (< netstandard2.1)
      System.Collections.Immutable (>= 6.0) - restriction: || (&& (< netcoreapp3.1) (>= netstandard2.1)) (&& (>= netstandard2.0) (< netstandard2.1))
      System.Diagnostics.DiagnosticSource (>= 6.0) - restriction: || (&& (< net5.0) (>= netcoreapp3.1)) (&& (< netcoreapp3.1) (>= netstandard2.1)) (&& (>= netstandard2.0) (< netstandard2.1))
      System.Memory (>= 4.5.4) - restriction: && (>= netstandard2.0) (< netstandard2.1)
      System.Runtime.CompilerServices.Unsafe (>= 6.0) - restriction: >= netstandard2.0
      System.Text.Json (>= 6.0) - restriction: || (&& (< netcoreapp3.1) (>= netstandard2.1)) (&& (>= netstandard2.0) (< netstandard2.1))
      System.Threading.Channels (>= 6.0) - restriction: || (&& (< netcoreapp3.1) (>= netstandard2.1)) (&& (>= netstandard2.0) (< netstandard2.1))
      System.Threading.Tasks.Extensions (>= 4.5.4) - restriction: && (>= netstandard2.0) (< netstandard2.1)
      System.ValueTuple (>= 4.5) - restriction: && (>= netstandard2.0) (< netstandard2.1)
    Npgsql.Json.NET (6.0.3) - restriction: >= netstandard2.0
      Newtonsoft.Json (>= 13.0.1) - restriction: >= netstandard2.0
      Npgsql (>= 6.0.3) - restriction: >= netstandard2.0
    Perfolizer (0.2.1) - restriction: >= netstandard2.0
      System.Memory (>= 4.5.3) - restriction: >= netstandard2.0
    Remotion.Linq (2.2) - restriction: >= netstandard2.0
      System.Collections (>= 4.0.11) - restriction: && (< net35) (>= netstandard1.0)
      System.Diagnostics.Debug (>= 4.0.11) - restriction: && (< net35) (>= netstandard1.0)
      System.Linq (>= 4.1) - restriction: && (< net35) (>= netstandard1.0)
      System.Linq.Expressions (>= 4.1) - restriction: && (< net35) (>= netstandard1.0)
      System.Linq.Queryable (>= 4.0.1) - restriction: && (< net35) (>= netstandard1.0)
      System.ObjectModel (>= 4.0.12) - restriction: && (< net35) (>= netstandard1.0)
      System.Reflection (>= 4.1) - restriction: && (< net35) (>= netstandard1.0)
      System.Reflection.Extensions (>= 4.0.1) - restriction: && (< net35) (>= netstandard1.0)
      System.Runtime (>= 4.1) - restriction: && (< net35) (>= netstandard1.0)
      System.Runtime.Extensions (>= 4.1) - restriction: && (< net35) (>= netstandard1.0)
      System.Threading (>= 4.0.11) - restriction: && (< net35) (>= netstandard1.0)
    runtime.native.System (4.3.1) - restriction: && (< monoandroid) (< monotouch) (< net45) (>= netstandard1.3) (< win8) (< wpa81) (< xamarinios) (< xamarinmac) (< xamarintvos) (< xamarinwatchos)
      Microsoft.NETCore.Platforms (>= 1.1.1)
      Microsoft.NETCore.Targets (>= 1.1.3)
    runtime.native.System.IO.Compression (4.3.2) - restriction: && (< monoandroid) (< monotouch) (< net45) (>= netstandard1.3) (< win8) (< wpa81) (< xamarinios) (< xamarinmac) (< xamarintvos) (< xamarinwatchos)
      Microsoft.NETCore.Platforms (>= 1.1.1)
      Microsoft.NETCore.Targets (>= 1.1.3)
    SharpZipLib (1.3.3)
    System.Buffers (4.5.1) - restriction: || (&& (< monoandroid) (< monotouch) (>= netstandard1.3) (< win8) (< wpa81) (< xamarintvos) (< xamarinwatchos)) (>= net45) (>= netstandard2.0) (&& (< netstandard2.1) (>= xamarinios)) (&& (< netstandard2.1) (>= xamarinmac))
      System.Diagnostics.Debug (>= 4.3) - restriction: && (< net45) (>= netstandard1.1) (< netstandard2.0) (< win8) (< wpa81)
      System.Diagnostics.Tracing (>= 4.3) - restriction: && (< net45) (>= netstandard1.1) (< netstandard2.0) (< win8) (< wpa81)
      System.Resources.ResourceManager (>= 4.3) - restriction: && (< net45) (>= netstandard1.1) (< netstandard2.0) (< win8) (< wpa81)
      System.Runtime (>= 4.3) - restriction: && (< net45) (>= netstandard1.1) (< netstandard2.0) (< win8) (< wpa81)
      System.Threading (>= 4.3) - restriction: && (< net45) (>= netstandard1.1) (< netstandard2.0) (< win8) (< wpa81)
    System.CodeDom (6.0) - restriction: >= netstandard2.0
    System.Collections (4.3) - restriction: || (&& (< monoandroid) (< monotouch) (< net45) (>= netstandard1.3) (< win8) (< wpa81) (< xamarinios) (< xamarinmac) (< xamarintvos) (< xamarinwatchos)) (&& (< monoandroid) (< net45) (>= netstandard2.0) (< win8) (< wpa81) (< xamarinios) (< xamarinmac) (< xamarintvos) (< xamarinwatchos)) (&& (< net35) (>= netstandard2.0))
      Microsoft.NETCore.Platforms (>= 1.1) - restriction: || (&& (< monoandroid) (< monotouch) (< net45) (>= netstandard1.3) (< win8) (< wpa81) (< xamarinios) (< xamarinmac) (< xamarintvos) (< xamarinwatchos)) (&& (< monoandroid) (< net45) (>= netstandard1.0) (< netstandard1.3) (< win8) (< wp8) (< wpa81))
      Microsoft.NETCore.Targets (>= 1.1) - restriction: || (&& (< monoandroid) (< monotouch) (< net45) (>= netstandard1.3) (< win8) (< wpa81) (< xamarinios) (< xamarinmac) (< xamarintvos) (< xamarinwatchos)) (&& (< monoandroid) (< net45) (>= netstandard1.0) (< netstandard1.3) (< win8) (< wp8) (< wpa81))
      System.Runtime (>= 4.3) - restriction: || (&& (< monoandroid) (< monotouch) (< net45) (>= netstandard1.3) (< win8) (< wpa81) (< xamarinios) (< xamarinmac) (< xamarintvos) (< xamarinwatchos)) (&& (< monoandroid) (< net45) (>= netstandard1.0) (< netstandard1.3) (< win8) (< wp8) (< wpa81))
    System.Collections.Immutable (6.0) - restriction: || (&& (< netcoreapp3.1) (>= netstandard2.1)) (>= netstandard2.0)
      System.Memory (>= 4.5.4) - restriction: || (>= net461) (&& (< net6.0) (>= netstandard2.0))
      System.Runtime.CompilerServices.Unsafe (>= 6.0) - restriction: || (>= net461) (>= netstandard2.0)
    System.ComponentModel.Annotations (5.0) - restriction: && (< net461) (>= netstandard2.0) (< netstandard2.1)
    System.Composition (6.0) - restriction: >= netstandard2.0
      System.Composition.AttributedModel (>= 6.0) - restriction: || (>= net461) (>= netstandard2.0)
      System.Composition.Convention (>= 6.0) - restriction: || (>= net461) (>= netstandard2.0)
      System.Composition.Hosting (>= 6.0) - restriction: || (>= net461) (>= netstandard2.0)
      System.Composition.Runtime (>= 6.0) - restriction: || (>= net461) (>= netstandard2.0)
      System.Composition.TypedParts (>= 6.0) - restriction: || (>= net461) (>= netstandard2.0)
    System.Composition.AttributedModel (6.0) - restriction: >= netstandard2.0
    System.Composition.Convention (6.0) - restriction: >= netstandard2.0
      System.Composition.AttributedModel (>= 6.0) - restriction: || (>= net461) (>= netstandard2.0)
    System.Composition.Hosting (6.0) - restriction: >= netstandard2.0
      System.Composition.Runtime (>= 6.0) - restriction: || (>= net461) (>= netstandard2.0)
    System.Composition.Runtime (6.0) - restriction: >= netstandard2.0
    System.Composition.TypedParts (6.0) - restriction: >= netstandard2.0
      System.Composition.AttributedModel (>= 6.0) - restriction: || (>= net461) (>= netstandard2.0)
      System.Composition.Hosting (>= 6.0) - restriction: || (>= net461) (>= netstandard2.0)
      System.Composition.Runtime (>= 6.0) - restriction: || (>= net461) (>= netstandard2.0)
    System.Diagnostics.Debug (4.3) - restriction: || (&& (< monoandroid) (< monotouch) (< net45) (>= netstandard1.3) (< netstandard2.0) (< win8) (< wpa81) (< xamarintvos) (< xamarinwatchos)) (&& (< monoandroid) (< monotouch) (< net45) (>= netstandard1.3) (< win8) (< wpa81) (< xamarinios) (< xamarinmac) (< xamarintvos) (< xamarinwatchos)) (&& (< monoandroid) (< net45) (>= netstandard2.0) (< win8) (< wpa81) (< xamarinios) (< xamarinmac) (< xamarintvos) (< xamarinwatchos)) (&& (< net35) (>= netstandard2.0))
      Microsoft.NETCore.Platforms (>= 1.1) - restriction: || (&& (< monoandroid) (< monotouch) (< net45) (>= netstandard1.3) (< win8) (< wpa81) (< xamarinios) (< xamarinmac) (< xamarintvos) (< xamarinwatchos)) (&& (< monoandroid) (< net45) (>= netstandard1.0) (< netstandard1.3) (< win8) (< wp8) (< wpa81))
      Microsoft.NETCore.Targets (>= 1.1) - restriction: || (&& (< monoandroid) (< monotouch) (< net45) (>= netstandard1.3) (< win8) (< wpa81) (< xamarinios) (< xamarinmac) (< xamarintvos) (< xamarinwatchos)) (&& (< monoandroid) (< net45) (>= netstandard1.0) (< netstandard1.3) (< win8) (< wp8) (< wpa81))
      System.Runtime (>= 4.3) - restriction: || (&& (< monoandroid) (< monotouch) (< net45) (>= netstandard1.3) (< win8) (< wpa81) (< xamarinios) (< xamarinmac) (< xamarintvos) (< xamarinwatchos)) (&& (< monoandroid) (< net45) (>= netstandard1.0) (< netstandard1.3) (< win8) (< wp8) (< wpa81))
    System.Diagnostics.DiagnosticSource (6.0) - restriction: || (&& (< net5.0) (>= netcoreapp3.1)) (&& (< netcoreapp3.1) (>= netstandard2.1)) (>= netstandard2.0)
      System.Memory (>= 4.5.4) - restriction: || (>= net461) (&& (< net5.0) (>= netstandard2.0))
      System.Runtime.CompilerServices.Unsafe (>= 6.0) - restriction: || (>= net461) (>= netstandard2.0)
    System.Diagnostics.Tracing (4.3) - restriction: && (< monoandroid) (< monotouch) (< net45) (>= netstandard1.3) (< netstandard2.0) (< win8) (< wpa81) (< xamarintvos) (< xamarinwatchos)
      Microsoft.NETCore.Platforms (>= 1.1) - restriction: || (&& (< monoandroid) (< net45) (>= netstandard1.1) (< netstandard1.2) (< win8)) (&& (< monoandroid) (< net45) (>= netstandard1.2) (< netstandard1.3) (< win8) (< wpa81)) (&& (< monoandroid) (< net45) (>= netstandard1.3) (< netstandard1.5) (< win8) (< wpa81)) (&& (< monotouch) (< net45) (>= netstandard1.5) (< win8) (< wpa81) (< xamarinios) (< xamarinmac) (< xamarintvos) (< xamarinwatchos))
      Microsoft.NETCore.Targets (>= 1.1) - restriction: || (&& (< monoandroid) (< net45) (>= netstandard1.1) (< netstandard1.2) (< win8)) (&& (< monoandroid) (< net45) (>= netstandard1.2) (< netstandard1.3) (< win8) (< wpa81)) (&& (< monoandroid) (< net45) (>= netstandard1.3) (< netstandard1.5) (< win8) (< wpa81)) (&& (< monotouch) (< net45) (>= netstandard1.5) (< win8) (< wpa81) (< xamarinios) (< xamarinmac) (< xamarintvos) (< xamarinwatchos))
      System.Runtime (>= 4.3) - restriction: || (&& (< monoandroid) (< net45) (>= netstandard1.1) (< netstandard1.2) (< win8)) (&& (< monoandroid) (< net45) (>= netstandard1.2) (< netstandard1.3) (< win8) (< wpa81)) (&& (< monoandroid) (< net45) (>= netstandard1.3) (< netstandard1.5) (< win8) (< wpa81)) (&& (< monotouch) (< net45) (>= netstandard1.5) (< win8) (< wpa81) (< xamarinios) (< xamarinmac) (< xamarintvos) (< xamarinwatchos))
    System.Dynamic.Runtime (4.3) - restriction: && (< net45) (>= netstandard2.0)
      System.Collections (>= 4.3) - restriction: && (< monoandroid) (< monotouch) (< net45) (>= netstandard1.3) (< win8) (< wpa81) (< xamarinios) (< xamarinmac) (< xamarintvos) (< xamarinwatchos)
      System.Diagnostics.Debug (>= 4.3) - restriction: && (< monoandroid) (< monotouch) (< net45) (>= netstandard1.3) (< win8) (< wpa81) (< xamarinios) (< xamarinmac) (< xamarintvos) (< xamarinwatchos)
      System.Linq (>= 4.3) - restriction: && (< monoandroid) (< monotouch) (< net45) (>= netstandard1.3) (< win8) (< wpa81) (< xamarinios) (< xamarinmac) (< xamarintvos) (< xamarinwatchos)
      System.Linq.Expressions (>= 4.3) - restriction: || (&& (< monoandroid) (< monotouch) (< net45) (>= netstandard1.3) (< win8) (< wpa81) (< xamarinios) (< xamarinmac) (< xamarintvos) (< xamarinwatchos)) (&& (< monoandroid) (< net45) (>= netstandard1.0) (< netstandard1.3) (< win8) (< wp8) (< wpa81))
      System.ObjectModel (>= 4.3) - restriction: || (&& (< monoandroid) (< monotouch) (< net45) (>= netstandard1.3) (< win8) (< wpa81) (< xamarinios) (< xamarinmac) (< xamarintvos) (< xamarinwatchos)) (&& (< monoandroid) (< net45) (>= netstandard1.0) (< netstandard1.3) (< win8) (< wp8) (< wpa81))
      System.Reflection (>= 4.3) - restriction: || (&& (< monoandroid) (< monotouch) (< net45) (>= netstandard1.3) (< win8) (< wpa81) (< xamarinios) (< xamarinmac) (< xamarintvos) (< xamarinwatchos)) (&& (< monoandroid) (< net45) (>= netstandard1.0) (< netstandard1.3) (< win8) (< wp8) (< wpa81))
      System.Reflection.Emit (>= 4.3) - restriction: && (< monoandroid) (< monotouch) (< net45) (>= netstandard1.3) (< win8) (< wpa81) (< xamarinios) (< xamarinmac) (< xamarintvos) (< xamarinwatchos)
      System.Reflection.Emit.ILGeneration (>= 4.3) - restriction: && (< monoandroid) (< monotouch) (< net45) (>= netstandard1.3) (< win8) (< wpa81) (< xamarinios) (< xamarinmac) (< xamarintvos) (< xamarinwatchos)
      System.Reflection.Primitives (>= 4.3) - restriction: && (< monoandroid) (< monotouch) (< net45) (>= netstandard1.3) (< win8) (< wpa81) (< xamarinios) (< xamarinmac) (< xamarintvos) (< xamarinwatchos)
      System.Reflection.TypeExtensions (>= 4.3) - restriction: && (< monoandroid) (< monotouch) (< net45) (>= netstandard1.3) (< win8) (< wpa81) (< xamarinios) (< xamarinmac) (< xamarintvos) (< xamarinwatchos)
      System.Resources.ResourceManager (>= 4.3) - restriction: && (< monoandroid) (< monotouch) (< net45) (>= netstandard1.3) (< win8) (< wpa81) (< xamarinios) (< xamarinmac) (< xamarintvos) (< xamarinwatchos)
      System.Runtime (>= 4.3) - restriction: || (&& (< monoandroid) (< monotouch) (< net45) (>= netstandard1.3) (< win8) (< wpa81) (< xamarinios) (< xamarinmac) (< xamarintvos) (< xamarinwatchos)) (&& (< monoandroid) (< net45) (>= netstandard1.0) (< netstandard1.3) (< win8) (< wp8) (< wpa81))
      System.Runtime.Extensions (>= 4.3) - restriction: && (< monoandroid) (< monotouch) (< net45) (>= netstandard1.3) (< win8) (< wpa81) (< xamarinios) (< xamarinmac) (< xamarintvos) (< xamarinwatchos)
      System.Threading (>= 4.3) - restriction: && (< monoandroid) (< monotouch) (< net45) (>= netstandard1.3) (< win8) (< wpa81) (< xamarinios) (< xamarinmac) (< xamarintvos) (< xamarinwatchos)
    System.Globalization (4.3) - restriction: || (&& (< monoandroid) (< monotouch) (< net45) (>= netstandard1.3) (< win8) (< wpa81) (< xamarinios) (< xamarinmac) (< xamarintvos) (< xamarinwatchos)) (&& (< net35) (>= netstandard2.0) (< xamarinios) (< xamarinmac) (< xamarintvos) (< xamarinwatchos))
      Microsoft.NETCore.Platforms (>= 1.1) - restriction: || (&& (< monoandroid) (< monotouch) (< net45) (>= netstandard1.3) (< win8) (< wpa81) (< xamarinios) (< xamarinmac) (< xamarintvos) (< xamarinwatchos)) (&& (< monoandroid) (< net45) (>= netstandard1.0) (< netstandard1.3) (< win8) (< wp8) (< wpa81))
      Microsoft.NETCore.Targets (>= 1.1) - restriction: || (&& (< monoandroid) (< monotouch) (< net45) (>= netstandard1.3) (< win8) (< wpa81) (< xamarinios) (< xamarinmac) (< xamarintvos) (< xamarinwatchos)) (&& (< monoandroid) (< net45) (>= netstandard1.0) (< netstandard1.3) (< win8) (< wp8) (< wpa81))
      System.Runtime (>= 4.3) - restriction: || (&& (< monoandroid) (< monotouch) (< net45) (>= netstandard1.3) (< win8) (< wpa81) (< xamarinios) (< xamarinmac) (< xamarintvos) (< xamarinwatchos)) (&& (< monoandroid) (< net45) (>= netstandard1.0) (< netstandard1.3) (< win8) (< wp8) (< wpa81))
    System.IO (4.3) - restriction: || (&& (< monoandroid) (< monotouch) (< net45) (>= netstandard1.3) (< win8) (< wpa81) (< xamarinios) (< xamarinmac) (< xamarintvos) (< xamarinwatchos)) (&& (< monoandroid) (< monotouch) (< net45) (>= netstandard1.5) (< win8) (< wpa81) (< xamarinios) (< xamarinmac) (< xamarintvos) (< xamarinwatchos)) (&& (< monoandroid) (< net45) (>= netstandard1.1) (< netstandard1.3) (< win8) (< wpa81)) (&& (< monoandroid) (< net45) (>= netstandard1.3) (< netstandard1.5) (< win8) (< wpa81)) (&& (< net35) (>= netstandard2.0) (< xamarinios) (< xamarinmac) (< xamarintvos) (< xamarinwatchos)) (&& (< net461) (>= netstandard2.0) (< netstandard2.1) (< xamarintvos) (< xamarinwatchos)) (&& (< net5.0) (>= netstandard2.1) (< xamarinios) (< xamarinmac) (< xamarintvos) (< xamarinwatchos))
      Microsoft.NETCore.Platforms (>= 1.1) - restriction: || (&& (< monoandroid) (< net45) (>= netstandard1.0) (< netstandard1.3) (< win8) (< wp8) (< wpa81)) (&& (< monoandroid) (< net45) (>= netstandard1.3) (< netstandard1.5) (< win8) (< wpa81)) (&& (< monotouch) (< net45) (>= netstandard1.5) (< win8) (< wpa81) (< xamarinios) (< xamarinmac) (< xamarintvos) (< xamarinwatchos))
      Microsoft.NETCore.Targets (>= 1.1) - restriction: || (&& (< monoandroid) (< net45) (>= netstandard1.0) (< netstandard1.3) (< win8) (< wp8) (< wpa81)) (&& (< monoandroid) (< net45) (>= netstandard1.3) (< netstandard1.5) (< win8) (< wpa81)) (&& (< monotouch) (< net45) (>= netstandard1.5) (< win8) (< wpa81) (< xamarinios) (< xamarinmac) (< xamarintvos) (< xamarinwatchos))
      System.Runtime (>= 4.3) - restriction: || (&& (< monoandroid) (< net45) (>= netstandard1.0) (< netstandard1.3) (< win8) (< wp8) (< wpa81)) (&& (< monoandroid) (< net45) (>= netstandard1.3) (< netstandard1.5) (< win8) (< wpa81)) (&& (< monotouch) (< net45) (>= netstandard1.5) (< win8) (< wpa81) (< xamarinios) (< xamarinmac) (< xamarintvos) (< xamarinwatchos))
      System.Text.Encoding (>= 4.3) - restriction: || (&& (< monoandroid) (< net45) (>= netstandard1.0) (< netstandard1.3) (< win8) (< wp8) (< wpa81)) (&& (< monoandroid) (< net45) (>= netstandard1.3) (< netstandard1.5) (< win8) (< wpa81)) (&& (< monotouch) (< net45) (>= netstandard1.5) (< win8) (< wpa81) (< xamarinios) (< xamarinmac) (< xamarintvos) (< xamarinwatchos))
      System.Threading.Tasks (>= 4.3) - restriction: || (&& (< monoandroid) (< net45) (>= netstandard1.0) (< netstandard1.3) (< win8) (< wp8) (< wpa81)) (&& (< monoandroid) (< net45) (>= netstandard1.3) (< netstandard1.5) (< win8) (< wpa81)) (&& (< monotouch) (< net45) (>= netstandard1.5) (< win8) (< wpa81) (< xamarinios) (< xamarinmac) (< xamarintvos) (< xamarinwatchos))
    System.IO.Compression (4.3)
      Microsoft.NETCore.Platforms (>= 1.1) - restriction: && (< monoandroid) (< monotouch) (< net45) (>= netstandard1.3) (< win8) (< wpa81) (< xamarinios) (< xamarinmac) (< xamarintvos) (< xamarinwatchos)
      runtime.native.System (>= 4.3) - restriction: && (< monoandroid) (< monotouch) (< net45) (>= netstandard1.3) (< win8) (< wpa81) (< xamarinios) (< xamarinmac) (< xamarintvos) (< xamarinwatchos)
      runtime.native.System.IO.Compression (>= 4.3) - restriction: && (< monoandroid) (< monotouch) (< net45) (>= netstandard1.3) (< win8) (< wpa81) (< xamarinios) (< xamarinmac) (< xamarintvos) (< xamarinwatchos)
      System.Buffers (>= 4.3) - restriction: && (< monoandroid) (< monotouch) (< net45) (>= netstandard1.3) (< win8) (< wpa81) (< xamarinios) (< xamarinmac) (< xamarintvos) (< xamarinwatchos)
      System.Collections (>= 4.3) - restriction: && (< monoandroid) (< monotouch) (< net45) (>= netstandard1.3) (< win8) (< wpa81) (< xamarinios) (< xamarinmac) (< xamarintvos) (< xamarinwatchos)
      System.Diagnostics.Debug (>= 4.3) - restriction: && (< monoandroid) (< monotouch) (< net45) (>= netstandard1.3) (< win8) (< wpa81) (< xamarinios) (< xamarinmac) (< xamarintvos) (< xamarinwatchos)
      System.IO (>= 4.3) - restriction: || (&& (< monoandroid) (< monotouch) (< net45) (>= netstandard1.3) (< win8) (< wpa81) (< xamarinios) (< xamarinmac) (< xamarintvos) (< xamarinwatchos)) (&& (< monoandroid) (< net45) (>= netstandard1.1) (< netstandard1.3) (< win8) (< wpa81))
      System.Resources.ResourceManager (>= 4.3) - restriction: && (< monoandroid) (< monotouch) (< net45) (>= netstandard1.3) (< win8) (< wpa81) (< xamarinios) (< xamarinmac) (< xamarintvos) (< xamarinwatchos)
      System.Runtime (>= 4.3) - restriction: || (&& (< monoandroid) (< monotouch) (< net45) (>= netstandard1.3) (< win8) (< wpa81) (< xamarinios) (< xamarinmac) (< xamarintvos) (< xamarinwatchos)) (&& (< monoandroid) (< net45) (>= netstandard1.1) (< netstandard1.3) (< win8) (< wpa81))
      System.Runtime.Extensions (>= 4.3) - restriction: && (< monoandroid) (< monotouch) (< net45) (>= netstandard1.3) (< win8) (< wpa81) (< xamarinios) (< xamarinmac) (< xamarintvos) (< xamarinwatchos)
      System.Runtime.Handles (>= 4.3) - restriction: && (< monoandroid) (< monotouch) (< net45) (>= netstandard1.3) (< win8) (< wpa81) (< xamarinios) (< xamarinmac) (< xamarintvos) (< xamarinwatchos)
      System.Runtime.InteropServices (>= 4.3) - restriction: && (< monoandroid) (< monotouch) (< net45) (>= netstandard1.3) (< win8) (< wpa81) (< xamarinios) (< xamarinmac) (< xamarintvos) (< xamarinwatchos)
      System.Text.Encoding (>= 4.3) - restriction: || (&& (< monoandroid) (< monotouch) (< net45) (>= netstandard1.3) (< win8) (< wpa81) (< xamarinios) (< xamarinmac) (< xamarintvos) (< xamarinwatchos)) (&& (< monoandroid) (< net45) (>= netstandard1.1) (< netstandard1.3) (< win8) (< wpa81))
      System.Threading (>= 4.3) - restriction: && (< monoandroid) (< monotouch) (< net45) (>= netstandard1.3) (< win8) (< wpa81) (< xamarinios) (< xamarinmac) (< xamarintvos) (< xamarinwatchos)
      System.Threading.Tasks (>= 4.3) - restriction: && (< monoandroid) (< monotouch) (< net45) (>= netstandard1.3) (< win8) (< wpa81) (< xamarinios) (< xamarinmac) (< xamarintvos) (< xamarinwatchos)
    System.IO.Pipelines (6.0.2) - restriction: >= netstandard2.0
      System.Buffers (>= 4.5.1) - restriction: || (>= net461) (&& (< netcoreapp3.1) (>= netstandard2.0))
      System.Memory (>= 4.5.4) - restriction: || (>= net461) (&& (< netcoreapp3.1) (>= netstandard2.0))
      System.Threading.Tasks.Extensions (>= 4.5.4) - restriction: || (>= net461) (&& (< netcoreapp3.1) (>= netstandard2.0))
    System.Linq (4.3) - restriction: || (&& (< monoandroid) (< net45) (>= netstandard2.0) (< win8) (< wpa81) (< xamarinios) (< xamarinmac) (< xamarintvos) (< xamarinwatchos)) (&& (< net35) (>= netstandard2.0))
      System.Collections (>= 4.3) - restriction: || (&& (< monoandroid) (< net45) (>= netstandard1.0) (< netstandard1.6) (< win8) (< wp8) (< wpa81)) (&& (< monotouch) (< net45) (>= netstandard1.6) (< xamarinios) (< xamarinmac) (< xamarintvos) (< xamarinwatchos))
      System.Diagnostics.Debug (>= 4.3) - restriction: && (< monotouch) (< net45) (>= netstandard1.6) (< xamarinios) (< xamarinmac) (< xamarintvos) (< xamarinwatchos)
      System.Resources.ResourceManager (>= 4.3) - restriction: && (< monotouch) (< net45) (>= netstandard1.6) (< xamarinios) (< xamarinmac) (< xamarintvos) (< xamarinwatchos)
      System.Runtime (>= 4.3) - restriction: || (&& (< monoandroid) (< net45) (>= netstandard1.0) (< netstandard1.6) (< win8) (< wp8) (< wpa81)) (&& (< monotouch) (< net45) (>= netstandard1.6) (< xamarinios) (< xamarinmac) (< xamarintvos) (< xamarinwatchos))
      System.Runtime.Extensions (>= 4.3) - restriction: && (< monotouch) (< net45) (>= netstandard1.6) (< xamarinios) (< xamarinmac) (< xamarintvos) (< xamarinwatchos)
    System.Linq.Expressions (4.3) - restriction: || (&& (< monoandroid) (< net45) (< netstandard1.3) (>= netstandard2.0) (< win8) (< wpa81)) (&& (< monoandroid) (< net45) (>= netstandard2.0) (< win8) (< wpa81) (< xamarinios) (< xamarinmac) (< xamarintvos) (< xamarinwatchos)) (&& (< net35) (>= netstandard2.0))
      System.Collections (>= 4.3) - restriction: && (< monotouch) (< net45) (>= netstandard1.6) (< xamarinios) (< xamarinmac) (< xamarintvos) (< xamarinwatchos)
      System.Diagnostics.Debug (>= 4.3) - restriction: && (< monotouch) (< net45) (>= netstandard1.6) (< xamarinios) (< xamarinmac) (< xamarintvos) (< xamarinwatchos)
      System.Globalization (>= 4.3) - restriction: && (< monotouch) (< net45) (>= netstandard1.6) (< xamarinios) (< xamarinmac) (< xamarintvos) (< xamarinwatchos)
      System.IO (>= 4.3) - restriction: && (< monotouch) (< net45) (>= netstandard1.6) (< xamarinios) (< xamarinmac) (< xamarintvos) (< xamarinwatchos)
      System.Linq (>= 4.3) - restriction: && (< monotouch) (< net45) (>= netstandard1.6) (< xamarinios) (< xamarinmac) (< xamarintvos) (< xamarinwatchos)
      System.ObjectModel (>= 4.3) - restriction: && (< monotouch) (< net45) (>= netstandard1.6) (< xamarinios) (< xamarinmac) (< xamarintvos) (< xamarinwatchos)
      System.Reflection (>= 4.3) - restriction: || (&& (< monoandroid) (< net45) (>= netstandard1.0) (< netstandard1.3) (< win8) (< wp8) (< wpa81)) (&& (< monoandroid) (< net45) (>= netstandard1.3) (< netstandard1.6) (< win8) (< wpa81)) (&& (< monotouch) (< net45) (>= netstandard1.6) (< xamarinios) (< xamarinmac) (< xamarintvos) (< xamarinwatchos))
      System.Reflection.Emit (>= 4.3) - restriction: && (< monotouch) (< net45) (>= netstandard1.6) (< xamarinios) (< xamarinmac) (< xamarintvos) (< xamarinwatchos)
      System.Reflection.Emit.ILGeneration (>= 4.3) - restriction: && (< monotouch) (< net45) (>= netstandard1.6) (< xamarinios) (< xamarinmac) (< xamarintvos) (< xamarinwatchos)
      System.Reflection.Emit.Lightweight (>= 4.3) - restriction: && (< monotouch) (< net45) (>= netstandard1.6) (< xamarinios) (< xamarinmac) (< xamarintvos) (< xamarinwatchos)
      System.Reflection.Extensions (>= 4.3) - restriction: && (< monotouch) (< net45) (>= netstandard1.6) (< xamarinios) (< xamarinmac) (< xamarintvos) (< xamarinwatchos)
      System.Reflection.Primitives (>= 4.3) - restriction: && (< monotouch) (< net45) (>= netstandard1.6) (< xamarinios) (< xamarinmac) (< xamarintvos) (< xamarinwatchos)
      System.Reflection.TypeExtensions (>= 4.3) - restriction: && (< monotouch) (< net45) (>= netstandard1.6) (< xamarinios) (< xamarinmac) (< xamarintvos) (< xamarinwatchos)
      System.Resources.ResourceManager (>= 4.3) - restriction: && (< monotouch) (< net45) (>= netstandard1.6) (< xamarinios) (< xamarinmac) (< xamarintvos) (< xamarinwatchos)
      System.Runtime (>= 4.3) - restriction: || (&& (< monoandroid) (< net45) (>= netstandard1.0) (< netstandard1.3) (< win8) (< wp8) (< wpa81)) (&& (< monoandroid) (< net45) (>= netstandard1.3) (< netstandard1.6) (< win8) (< wpa81)) (&& (< monotouch) (< net45) (>= netstandard1.6) (< xamarinios) (< xamarinmac) (< xamarintvos) (< xamarinwatchos))
      System.Runtime.Extensions (>= 4.3) - restriction: && (< monotouch) (< net45) (>= netstandard1.6) (< xamarinios) (< xamarinmac) (< xamarintvos) (< xamarinwatchos)
      System.Threading (>= 4.3) - restriction: && (< monotouch) (< net45) (>= netstandard1.6) (< xamarinios) (< xamarinmac) (< xamarintvos) (< xamarinwatchos)
    System.Linq.Queryable (4.3) - restriction: && (< net35) (>= netstandard2.0)
      System.Collections (>= 4.3) - restriction: && (< monoandroid) (< monotouch) (< net45) (>= netstandard1.3) (< win8) (< wpa81) (< xamarinios) (< xamarinmac) (< xamarintvos) (< xamarinwatchos)
      System.Diagnostics.Debug (>= 4.3) - restriction: && (< monoandroid) (< monotouch) (< net45) (>= netstandard1.3) (< win8) (< wpa81) (< xamarinios) (< xamarinmac) (< xamarintvos) (< xamarinwatchos)
      System.Linq (>= 4.3) - restriction: || (&& (< monoandroid) (< monotouch) (< net45) (>= netstandard1.3) (< win8) (< wpa81) (< xamarinios) (< xamarinmac) (< xamarintvos) (< xamarinwatchos)) (&& (< monoandroid) (< net45) (>= netstandard1.0) (< netstandard1.3) (< win8) (< wp8) (< wpa81))
      System.Linq.Expressions (>= 4.3) - restriction: || (&& (< monoandroid) (< monotouch) (< net45) (>= netstandard1.3) (< win8) (< wpa81) (< xamarinios) (< xamarinmac) (< xamarintvos) (< xamarinwatchos)) (&& (< monoandroid) (< net45) (>= netstandard1.0) (< netstandard1.3) (< win8) (< wp8) (< wpa81))
      System.Reflection (>= 4.3) - restriction: && (< monoandroid) (< monotouch) (< net45) (>= netstandard1.3) (< win8) (< wpa81) (< xamarinios) (< xamarinmac) (< xamarintvos) (< xamarinwatchos)
      System.Reflection.Extensions (>= 4.3) - restriction: && (< monoandroid) (< monotouch) (< net45) (>= netstandard1.3) (< win8) (< wpa81) (< xamarinios) (< xamarinmac) (< xamarintvos) (< xamarinwatchos)
      System.Resources.ResourceManager (>= 4.3) - restriction: && (< monoandroid) (< monotouch) (< net45) (>= netstandard1.3) (< win8) (< wpa81) (< xamarinios) (< xamarinmac) (< xamarintvos) (< xamarinwatchos)
      System.Runtime (>= 4.3) - restriction: || (&& (< monoandroid) (< monotouch) (< net45) (>= netstandard1.3) (< win8) (< wpa81) (< xamarinios) (< xamarinmac) (< xamarintvos) (< xamarinwatchos)) (&& (< monoandroid) (< net45) (>= netstandard1.0) (< netstandard1.3) (< win8) (< wp8) (< wpa81))
    System.Management (6.0) - restriction: >= netstandard2.0
      Microsoft.Win32.Registry (>= 5.0) - restriction: && (< net6.0) (>= netcoreapp3.1)
      System.CodeDom (>= 6.0) - restriction: >= netstandard2.0
    System.Memory (4.5.4) - restriction: || (&& (< monoandroid) (>= netcoreapp2.0) (< netcoreapp2.1) (< xamarinios) (< xamarinmac) (< xamarintvos) (< xamarinwatchos)) (>= net45) (>= netstandard2.0)
      System.Buffers (>= 4.5.1) - restriction: || (&& (>= monoandroid) (< netstandard1.1)) (&& (< monoandroid) (< net45) (>= netstandard1.1) (< netstandard2.0) (< win8) (< wpa81)) (&& (< monoandroid) (< netstandard1.1) (>= portable-net45+win8+wpa81) (< win8)) (>= monotouch) (&& (>= net45) (< netstandard2.0)) (&& (< net45) (< netcoreapp2.0) (>= netstandard2.0)) (>= net461) (&& (< netstandard1.1) (>= win8)) (&& (< netstandard2.0) (< uap10.1) (>= wpa81)) (>= xamarinios) (>= xamarinmac) (>= xamarintvos) (>= xamarinwatchos)
      System.Numerics.Vectors (>= 4.4) - restriction: && (< net45) (< netcoreapp2.0) (>= netstandard2.0) (< xamarinios) (< xamarinmac) (< xamarintvos) (< xamarinwatchos)
      System.Numerics.Vectors (>= 4.5) - restriction: >= net461
      System.Runtime.CompilerServices.Unsafe (>= 4.5.3) - restriction: || (&& (>= monoandroid) (< netstandard1.1)) (&& (< monoandroid) (< net45) (>= netstandard1.1) (< netstandard2.0) (< win8) (< wpa81)) (&& (< monoandroid) (>= netcoreapp2.0) (< netcoreapp2.1)) (&& (< monoandroid) (< netstandard1.1) (>= portable-net45+win8+wpa81) (< win8)) (>= monotouch) (&& (>= net45) (< netstandard2.0)) (&& (< net45) (< netcoreapp2.0) (>= netstandard2.0)) (>= net461) (&& (< netstandard1.1) (>= win8)) (&& (< netstandard2.0) (>= wpa81)) (>= uap10.1) (>= xamarinios) (>= xamarinmac) (>= xamarintvos) (>= xamarinwatchos)
    System.Numerics.Vectors (4.5) - restriction: || (&& (< net45) (< netcoreapp2.0) (>= netstandard2.0) (< netstandard2.1) (< xamarintvos) (< xamarinwatchos)) (&& (>= net461) (>= netstandard2.0)) (&& (>= net461) (< netstandard2.0)) (>= net47) (&& (< netcoreapp3.1) (>= netstandard2.0))
    System.ObjectModel (4.3) - restriction: || (&& (< monoandroid) (< net45) (< netstandard1.3) (>= netstandard2.0) (< win8) (< wpa81)) (&& (< monoandroid) (< net45) (>= netstandard2.0) (< win8) (< wpa81) (< xamarinios) (< xamarinmac) (< xamarintvos) (< xamarinwatchos)) (&& (< net35) (>= netstandard2.0))
      System.Collections (>= 4.3) - restriction: && (< monoandroid) (< monotouch) (< net45) (>= netstandard1.3) (< win8) (< wpa81) (< xamarinios) (< xamarinmac) (< xamarintvos) (< xamarinwatchos)
      System.Diagnostics.Debug (>= 4.3) - restriction: && (< monoandroid) (< monotouch) (< net45) (>= netstandard1.3) (< win8) (< wpa81) (< xamarinios) (< xamarinmac) (< xamarintvos) (< xamarinwatchos)
      System.Resources.ResourceManager (>= 4.3) - restriction: && (< monoandroid) (< monotouch) (< net45) (>= netstandard1.3) (< win8) (< wpa81) (< xamarinios) (< xamarinmac) (< xamarintvos) (< xamarinwatchos)
      System.Runtime (>= 4.3) - restriction: || (&& (< monoandroid) (< monotouch) (< net45) (>= netstandard1.3) (< win8) (< wpa81) (< xamarinios) (< xamarinmac) (< xamarintvos) (< xamarinwatchos)) (&& (< monoandroid) (< net45) (>= netstandard1.0) (< netstandard1.3) (< win8) (< wp8) (< wpa81))
      System.Threading (>= 4.3) - restriction: && (< monoandroid) (< monotouch) (< net45) (>= netstandard1.3) (< win8) (< wpa81) (< xamarinios) (< xamarinmac) (< xamarintvos) (< xamarinwatchos)
    System.Reflection (4.3) - restriction: || (&& (< monoandroid) (< monotouch) (< net45) (>= netstandard1.3) (< win8) (< wpa81) (< xamarinios) (< xamarinmac) (< xamarintvos) (< xamarinwatchos)) (&& (< monoandroid) (< net45) (< netstandard1.3) (>= netstandard2.0) (< win8) (< wpa81)) (&& (< monoandroid) (< net45) (>= netstandard2.0) (< win8) (< wpa81) (< xamarinios) (< xamarinmac) (< xamarintvos) (< xamarinwatchos)) (&& (< net35) (>= netstandard2.0)) (&& (< net461) (>= netstandard2.0) (< netstandard2.1) (< xamarintvos) (< xamarinwatchos)) (&& (< net5.0) (>= netstandard2.1) (< xamarinios) (< xamarinmac) (< xamarintvos) (< xamarinwatchos))
      Microsoft.NETCore.Platforms (>= 1.1) - restriction: || (&& (< monoandroid) (< net45) (>= netstandard1.0) (< netstandard1.3) (< win8) (< wp8) (< wpa81)) (&& (< monoandroid) (< net45) (>= netstandard1.3) (< netstandard1.5) (< win8) (< wpa81)) (&& (< monotouch) (< net45) (>= netstandard1.5) (< win8) (< wpa81) (< xamarinios) (< xamarinmac) (< xamarintvos) (< xamarinwatchos))
      Microsoft.NETCore.Targets (>= 1.1) - restriction: || (&& (< monoandroid) (< net45) (>= netstandard1.0) (< netstandard1.3) (< win8) (< wp8) (< wpa81)) (&& (< monoandroid) (< net45) (>= netstandard1.3) (< netstandard1.5) (< win8) (< wpa81)) (&& (< monotouch) (< net45) (>= netstandard1.5) (< win8) (< wpa81) (< xamarinios) (< xamarinmac) (< xamarintvos) (< xamarinwatchos))
      System.IO (>= 4.3) - restriction: || (&& (< monoandroid) (< net45) (>= netstandard1.0) (< netstandard1.3) (< win8) (< wp8) (< wpa81)) (&& (< monoandroid) (< net45) (>= netstandard1.3) (< netstandard1.5) (< win8) (< wpa81)) (&& (< monotouch) (< net45) (>= netstandard1.5) (< win8) (< wpa81) (< xamarinios) (< xamarinmac) (< xamarintvos) (< xamarinwatchos))
      System.Reflection.Primitives (>= 4.3) - restriction: || (&& (< monoandroid) (< net45) (>= netstandard1.0) (< netstandard1.3) (< win8) (< wp8) (< wpa81)) (&& (< monoandroid) (< net45) (>= netstandard1.3) (< netstandard1.5) (< win8) (< wpa81)) (&& (< monotouch) (< net45) (>= netstandard1.5) (< win8) (< wpa81) (< xamarinios) (< xamarinmac) (< xamarintvos) (< xamarinwatchos))
      System.Runtime (>= 4.3) - restriction: || (&& (< monoandroid) (< net45) (>= netstandard1.0) (< netstandard1.3) (< win8) (< wp8) (< wpa81)) (&& (< monoandroid) (< net45) (>= netstandard1.3) (< netstandard1.5) (< win8) (< wpa81)) (&& (< monotouch) (< net45) (>= netstandard1.5) (< win8) (< wpa81) (< xamarinios) (< xamarinmac) (< xamarintvos) (< xamarinwatchos))
    System.Reflection.Emit (4.7) - restriction: >= netstandard2.0
      System.Reflection.Emit.ILGeneration (>= 4.7) - restriction: || (&& (< monoandroid) (< monotouch) (< net45) (>= netstandard1.1) (< netstandard2.0) (< win8) (< wpa81) (< xamarintvos) (< xamarinwatchos)) (&& (< monoandroid) (< net45) (< netcoreapp2.0) (>= netstandard2.0) (< netstandard2.1) (< xamarintvos) (< xamarinwatchos)) (&& (< monoandroid) (< netstandard1.1) (>= portable-net45+win8+wpa81) (< win8)) (&& (< netstandard1.1) (>= win8)) (&& (< netstandard2.0) (>= wpa81)) (>= uap10.1)
    System.Reflection.Emit.ILGeneration (4.7) - restriction: || (&& (< monoandroid) (< net45) (< netcoreapp2.0) (>= netstandard2.0) (< netstandard2.1) (< xamarintvos) (< xamarinwatchos)) (&& (< monoandroid) (< net45) (>= netstandard2.0) (< win8) (< wpa81) (< xamarinios) (< xamarinmac) (< xamarintvos) (< xamarinwatchos)) (&& (< monoandroid) (< netstandard1.1) (>= netstandard2.0) (< win8)) (&& (< net35) (>= netstandard2.0) (< xamarinios) (< xamarinmac) (< xamarintvos) (< xamarinwatchos)) (&& (< netstandard1.1) (>= netstandard2.0) (>= win8)) (&& (>= netstandard2.0) (>= uap10.1))
    System.Reflection.Emit.Lightweight (4.7) - restriction: >= netstandard2.0
      System.Reflection.Emit.ILGeneration (>= 4.7) - restriction: || (&& (< monoandroid) (< monotouch) (< net45) (>= netstandard1.0) (< netstandard2.0) (< win8) (< wp8) (< wpa81) (< xamarintvos) (< xamarinwatchos)) (&& (< monoandroid) (< net45) (< netcoreapp2.0) (>= netstandard2.0) (< netstandard2.1) (< xamarintvos) (< xamarinwatchos)) (&& (< netstandard2.0) (>= wpa81)) (&& (>= portable-net45+win8+wp8+wpa81) (< portable-net45+wp8) (< win8)) (&& (< portable-net45+wp8) (>= win8)) (>= uap10.1)
    System.Reflection.Extensions (4.3) - restriction: && (< net35) (>= netstandard2.0)
      Microsoft.NETCore.Platforms (>= 1.1) - restriction: && (< monoandroid) (< monotouch) (< net45) (>= netstandard1.0) (< win8) (< wp8) (< wpa81) (< xamarinios) (< xamarinmac) (< xamarintvos) (< xamarinwatchos)
      Microsoft.NETCore.Targets (>= 1.1) - restriction: && (< monoandroid) (< monotouch) (< net45) (>= netstandard1.0) (< win8) (< wp8) (< wpa81) (< xamarinios) (< xamarinmac) (< xamarintvos) (< xamarinwatchos)
      System.Reflection (>= 4.3) - restriction: && (< monoandroid) (< monotouch) (< net45) (>= netstandard1.0) (< win8) (< wp8) (< wpa81) (< xamarinios) (< xamarinmac) (< xamarintvos) (< xamarinwatchos)
      System.Runtime (>= 4.3) - restriction: && (< monoandroid) (< monotouch) (< net45) (>= netstandard1.0) (< win8) (< wp8) (< wpa81) (< xamarinios) (< xamarinmac) (< xamarintvos) (< xamarinwatchos)
    System.Reflection.Metadata (6.0.1) - restriction: >= netstandard2.0
      System.Collections.Immutable (>= 6.0) - restriction: || (>= net461) (>= netstandard2.0)
    System.Reflection.Primitives (4.3) - restriction: || (&& (< monoandroid) (< monotouch) (< net45) (< netcoreapp1.1) (>= netstandard1.5) (< win8) (< wpa81) (< xamarinios) (< xamarinmac) (< xamarintvos) (< xamarinwatchos)) (&& (< monoandroid) (< net45) (< netstandard1.2) (>= netstandard1.3) (< win8)) (&& (< monoandroid) (< net45) (>= netstandard1.3) (< netstandard1.5) (< win8) (< wpa81)) (&& (< monoandroid) (< net45) (>= netstandard2.0) (< win8) (< wpa81) (< xamarinios) (< xamarinmac) (< xamarintvos) (< xamarinwatchos)) (&& (< monoandroid) (>= netcoreapp1.1) (< xamarinios) (< xamarinmac) (< xamarintvos) (< xamarinwatchos)) (&& (< net35) (>= netstandard2.0) (< xamarinios) (< xamarinmac) (< xamarintvos) (< xamarinwatchos))
      Microsoft.NETCore.Platforms (>= 1.1) - restriction: && (< monoandroid) (< monotouch) (< net45) (>= netstandard1.0) (< win8) (< wp8) (< wpa81) (< xamarinios) (< xamarinmac) (< xamarintvos) (< xamarinwatchos)
      Microsoft.NETCore.Targets (>= 1.1) - restriction: && (< monoandroid) (< monotouch) (< net45) (>= netstandard1.0) (< win8) (< wp8) (< wpa81) (< xamarinios) (< xamarinmac) (< xamarintvos) (< xamarinwatchos)
      System.Runtime (>= 4.3) - restriction: && (< monoandroid) (< monotouch) (< net45) (>= netstandard1.0) (< win8) (< wp8) (< wpa81) (< xamarinios) (< xamarinmac) (< xamarintvos) (< xamarinwatchos)
    System.Reflection.TypeExtensions (4.7) - restriction: || (&& (< monoandroid) (< net45) (>= netstandard2.0) (< win8) (< wpa81) (< xamarinios) (< xamarinmac) (< xamarintvos) (< xamarinwatchos)) (&& (< net35) (>= netstandard2.0) (< xamarinios) (< xamarinmac) (< xamarintvos) (< xamarinwatchos))
    System.Resources.ResourceManager (4.3) - restriction: || (&& (< monoandroid) (< monotouch) (< net45) (>= netstandard1.3) (< netstandard2.0) (< win8) (< wpa81) (< xamarintvos) (< xamarinwatchos)) (&& (< monoandroid) (< monotouch) (< net45) (>= netstandard1.3) (< win8) (< wpa81) (< xamarinios) (< xamarinmac) (< xamarintvos) (< xamarinwatchos)) (&& (< monoandroid) (< net45) (>= netstandard2.0) (< win8) (< wpa81) (< xamarinios) (< xamarinmac) (< xamarintvos) (< xamarinwatchos)) (&& (< net35) (>= netstandard2.0) (< xamarinios) (< xamarinmac) (< xamarintvos) (< xamarinwatchos))
      Microsoft.NETCore.Platforms (>= 1.1) - restriction: && (< monoandroid) (< monotouch) (< net45) (>= netstandard1.0) (< win8) (< wp8) (< wpa81) (< xamarinios) (< xamarinmac) (< xamarintvos) (< xamarinwatchos)
      Microsoft.NETCore.Targets (>= 1.1) - restriction: && (< monoandroid) (< monotouch) (< net45) (>= netstandard1.0) (< win8) (< wp8) (< wpa81) (< xamarinios) (< xamarinmac) (< xamarintvos) (< xamarinwatchos)
      System.Globalization (>= 4.3) - restriction: && (< monoandroid) (< monotouch) (< net45) (>= netstandard1.0) (< win8) (< wp8) (< wpa81) (< xamarinios) (< xamarinmac) (< xamarintvos) (< xamarinwatchos)
      System.Reflection (>= 4.3) - restriction: && (< monoandroid) (< monotouch) (< net45) (>= netstandard1.0) (< win8) (< wp8) (< wpa81) (< xamarinios) (< xamarinmac) (< xamarintvos) (< xamarinwatchos)
      System.Runtime (>= 4.3) - restriction: && (< monoandroid) (< monotouch) (< net45) (>= netstandard1.0) (< win8) (< wp8) (< wpa81) (< xamarinios) (< xamarinmac) (< xamarintvos) (< xamarinwatchos)
    System.Runtime (4.3.1) - restriction: || (&& (< monoandroid) (< monotouch) (< net45) (>= netstandard1.3) (< netstandard2.0) (< win8) (< wpa81) (< xamarintvos) (< xamarinwatchos)) (&& (< monoandroid) (< monotouch) (< net45) (>= netstandard1.3) (< win8) (< wpa81) (< xamarinios) (< xamarinmac) (< xamarintvos) (< xamarinwatchos)) (&& (< monoandroid) (< monotouch) (< net45) (>= netstandard1.5) (< win8) (< wpa81) (< xamarinios) (< xamarinmac) (< xamarintvos) (< xamarinwatchos)) (&& (< monoandroid) (< net45) (>= netstandard1.1) (< netstandard1.3) (< win8) (< wpa81)) (&& (< monoandroid) (< net45) (>= netstandard1.3) (< netstandard1.5) (< win8) (< wpa81)) (&& (< monoandroid) (< net45) (< netstandard1.3) (>= netstandard2.0) (< win8) (< wpa81)) (&& (< monoandroid) (< net45) (>= netstandard2.0) (< win8) (< wpa81) (< xamarinios) (< xamarinmac) (< xamarintvos) (< xamarinwatchos)) (&& (< net35) (>= netstandard2.0)) (&& (< net461) (>= netstandard2.0) (< netstandard2.1) (< xamarintvos) (< xamarinwatchos)) (&& (< net5.0) (>= netstandard2.1) (< xamarinios) (< xamarinmac) (< xamarintvos) (< xamarinwatchos))
      Microsoft.NETCore.Platforms (>= 1.1.1) - restriction: || (&& (< monoandroid) (< net45) (>= netstandard1.0) (< netstandard1.2) (< win8) (< wp8)) (&& (< monoandroid) (< net45) (>= netstandard1.2) (< netstandard1.3) (< win8) (< wpa81)) (&& (< monoandroid) (< net45) (>= netstandard1.3) (< netstandard1.5) (< win8) (< wpa81)) (&& (< monotouch) (< net45) (>= netstandard1.5) (< win8) (< wpa81) (< xamarinios) (< xamarinmac) (< xamarintvos) (< xamarinwatchos))
      Microsoft.NETCore.Targets (>= 1.1.3) - restriction: || (&& (< monoandroid) (< net45) (>= netstandard1.0) (< netstandard1.2) (< win8) (< wp8)) (&& (< monoandroid) (< net45) (>= netstandard1.2) (< netstandard1.3) (< win8) (< wpa81)) (&& (< monoandroid) (< net45) (>= netstandard1.3) (< netstandard1.5) (< win8) (< wpa81)) (&& (< monotouch) (< net45) (>= netstandard1.5) (< win8) (< wpa81) (< xamarinios) (< xamarinmac) (< xamarintvos) (< xamarinwatchos))
    System.Runtime.CompilerServices.Unsafe (6.0) - restriction: || (&& (< monoandroid) (>= netcoreapp2.0) (< netcoreapp2.1) (< netstandard2.1)) (>= net45) (>= netstandard2.0) (&& (< netstandard2.1) (>= xamarinios)) (&& (< netstandard2.1) (>= xamarinmac))
    System.Runtime.Extensions (4.3.1) - restriction: || (&& (< monoandroid) (< monotouch) (< net45) (>= netstandard1.3) (< win8) (< wpa81) (< xamarinios) (< xamarinmac) (< xamarintvos) (< xamarinwatchos)) (&& (< monoandroid) (< net45) (>= netstandard2.0) (< win8) (< wpa81) (< xamarinios) (< xamarinmac) (< xamarintvos) (< xamarinwatchos)) (&& (< net35) (>= netstandard2.0))
      Microsoft.NETCore.Platforms (>= 1.1.1) - restriction: || (&& (< monoandroid) (< net45) (>= netstandard1.0) (< netstandard1.3) (< win8) (< wp8) (< wpa81)) (&& (< monoandroid) (< net45) (>= netstandard1.3) (< netstandard1.5) (< win8) (< wpa81)) (&& (< monotouch) (< net45) (>= netstandard1.5) (< win8) (< wpa81) (< xamarinios) (< xamarinmac) (< xamarintvos) (< xamarinwatchos))
      Microsoft.NETCore.Targets (>= 1.1.3) - restriction: || (&& (< monoandroid) (< net45) (>= netstandard1.0) (< netstandard1.3) (< win8) (< wp8) (< wpa81)) (&& (< monoandroid) (< net45) (>= netstandard1.3) (< netstandard1.5) (< win8) (< wpa81)) (&& (< monotouch) (< net45) (>= netstandard1.5) (< win8) (< wpa81) (< xamarinios) (< xamarinmac) (< xamarintvos) (< xamarinwatchos))
      System.Runtime (>= 4.3.1) - restriction: || (&& (< monoandroid) (< net45) (>= netstandard1.0) (< netstandard1.3) (< win8) (< wp8) (< wpa81)) (&& (< monoandroid) (< net45) (>= netstandard1.3) (< netstandard1.5) (< win8) (< wpa81)) (&& (< monotouch) (< net45) (>= netstandard1.5) (< win8) (< wpa81) (< xamarinios) (< xamarinmac) (< xamarintvos) (< xamarinwatchos))
    System.Runtime.Handles (4.3) - restriction: && (< monoandroid) (< monotouch) (< net45) (>= netstandard1.3) (< win8) (< wpa81) (< xamarinios) (< xamarinmac) (< xamarintvos) (< xamarinwatchos)
      Microsoft.NETCore.Platforms (>= 1.1) - restriction: && (< monoandroid) (< monotouch) (< net46) (>= netstandard1.3) (< xamarinios) (< xamarinmac) (< xamarintvos) (< xamarinwatchos)
      Microsoft.NETCore.Targets (>= 1.1) - restriction: && (< monoandroid) (< monotouch) (< net46) (>= netstandard1.3) (< xamarinios) (< xamarinmac) (< xamarintvos) (< xamarinwatchos)
      System.Runtime (>= 4.3) - restriction: && (< monoandroid) (< monotouch) (< net46) (>= netstandard1.3) (< xamarinios) (< xamarinmac) (< xamarintvos) (< xamarinwatchos)
    System.Runtime.InteropServices (4.3) - restriction: && (< monoandroid) (< monotouch) (< net45) (>= netstandard1.3) (< win8) (< wpa81) (< xamarinios) (< xamarinmac) (< xamarintvos) (< xamarinwatchos)
      Microsoft.NETCore.Platforms (>= 1.1) - restriction: || (&& (< monoandroid) (< net45) (>= netstandard1.1) (< netstandard1.2) (< win8)) (&& (< monoandroid) (< net45) (>= netstandard1.2) (< netstandard1.3) (< win8) (< wpa81)) (&& (< monoandroid) (< net45) (>= netstandard1.3) (< netstandard1.5) (< win8) (< wpa81)) (&& (< monotouch) (< net45) (< netcoreapp1.1) (>= netstandard1.5) (< win8) (< wpa81) (< xamarinios) (< xamarinmac) (< xamarintvos) (< xamarinwatchos)) (&& (>= netcoreapp1.1) (< xamarinios) (< xamarinmac) (< xamarintvos) (< xamarinwatchos))
      Microsoft.NETCore.Targets (>= 1.1) - restriction: || (&& (< monoandroid) (< net45) (>= netstandard1.1) (< netstandard1.2) (< win8)) (&& (< monoandroid) (< net45) (>= netstandard1.2) (< netstandard1.3) (< win8) (< wpa81)) (&& (< monoandroid) (< net45) (>= netstandard1.3) (< netstandard1.5) (< win8) (< wpa81)) (&& (< monotouch) (< net45) (< netcoreapp1.1) (>= netstandard1.5) (< win8) (< wpa81) (< xamarinios) (< xamarinmac) (< xamarintvos) (< xamarinwatchos)) (&& (>= netcoreapp1.1) (< xamarinios) (< xamarinmac) (< xamarintvos) (< xamarinwatchos))
      System.Reflection (>= 4.3) - restriction: || (&& (< monoandroid) (< net45) (>= netstandard1.1) (< netstandard1.2) (< win8)) (&& (< monoandroid) (< net45) (>= netstandard1.2) (< netstandard1.3) (< win8) (< wpa81)) (&& (< monoandroid) (< net45) (>= netstandard1.3) (< netstandard1.5) (< win8) (< wpa81)) (&& (< monotouch) (< net45) (< netcoreapp1.1) (>= netstandard1.5) (< win8) (< wpa81) (< xamarinios) (< xamarinmac) (< xamarintvos) (< xamarinwatchos)) (&& (>= netcoreapp1.1) (< xamarinios) (< xamarinmac) (< xamarintvos) (< xamarinwatchos))
      System.Reflection.Primitives (>= 4.3) - restriction: || (&& (< monoandroid) (< net45) (>= netstandard1.1) (< netstandard1.2) (< win8)) (&& (< monoandroid) (< net45) (>= netstandard1.2) (< netstandard1.3) (< win8) (< wpa81)) (&& (< monoandroid) (< net45) (>= netstandard1.3) (< netstandard1.5) (< win8) (< wpa81)) (&& (< monotouch) (< net45) (< netcoreapp1.1) (>= netstandard1.5) (< win8) (< wpa81) (< xamarinios) (< xamarinmac) (< xamarintvos) (< xamarinwatchos)) (&& (>= netcoreapp1.1) (< xamarinios) (< xamarinmac) (< xamarintvos) (< xamarinwatchos))
      System.Runtime (>= 4.3) - restriction: || (&& (< monoandroid) (< net45) (>= netstandard1.1) (< netstandard1.2) (< win8)) (&& (< monoandroid) (< net45) (>= netstandard1.2) (< netstandard1.3) (< win8) (< wpa81)) (&& (< monoandroid) (< net45) (>= netstandard1.3) (< netstandard1.5) (< win8) (< wpa81)) (&& (< monotouch) (< net45) (< netcoreapp1.1) (>= netstandard1.5) (< win8) (< wpa81) (< xamarinios) (< xamarinmac) (< xamarintvos) (< xamarinwatchos)) (>= net462) (&& (>= netcoreapp1.1) (< xamarinios) (< xamarinmac) (< xamarintvos) (< xamarinwatchos))
      System.Runtime.Handles (>= 4.3) - restriction: || (&& (< monoandroid) (< net45) (>= netstandard1.3) (< netstandard1.5) (< win8) (< wpa81)) (&& (< monotouch) (< net45) (< netcoreapp1.1) (>= netstandard1.5) (< win8) (< wpa81) (< xamarinios) (< xamarinmac) (< xamarintvos) (< xamarinwatchos)) (&& (>= netcoreapp1.1) (< xamarinios) (< xamarinmac) (< xamarintvos) (< xamarinwatchos))
    System.Runtime.InteropServices.RuntimeInformation (4.3) - restriction: && (>= net45) (>= netstandard2.0)
    System.Runtime.Loader (4.3) - restriction: || (&& (< net5.0) (>= netstandard2.1)) (>= netstandard2.0)
      System.IO (>= 4.3) - restriction: && (< monotouch) (< net462) (>= netstandard1.5) (< xamarinios) (< xamarinmac) (< xamarintvos) (< xamarinwatchos)
      System.Reflection (>= 4.3) - restriction: && (< monotouch) (< net462) (>= netstandard1.5) (< xamarinios) (< xamarinmac) (< xamarintvos) (< xamarinwatchos)
      System.Runtime (>= 4.3) - restriction: && (< monotouch) (< net462) (>= netstandard1.5) (< xamarinios) (< xamarinmac) (< xamarintvos) (< xamarinwatchos)
    System.Security.AccessControl (6.0) - restriction: || (&& (>= monoandroid) (< netstandard1.3) (>= netstandard2.0)) (&& (< monoandroid) (>= netcoreapp2.0)) (&& (>= monotouch) (>= netstandard2.0)) (&& (< net46) (< netcoreapp2.0) (>= netstandard2.0)) (&& (>= net461) (>= netstandard2.0)) (>= netcoreapp2.1) (&& (>= netstandard2.0) (>= uap10.1)) (&& (>= netstandard2.0) (>= xamarintvos)) (&& (>= netstandard2.0) (>= xamarinwatchos)) (>= xamarinios) (>= xamarinmac)
      System.Security.Principal.Windows (>= 5.0) - restriction: || (>= net461) (&& (< net6.0) (>= netstandard2.0))
    System.Security.Principal.Windows (5.0) - restriction: || (&& (>= monoandroid) (< netstandard1.3) (>= netstandard2.0)) (&& (< monoandroid) (>= netcoreapp2.0)) (&& (>= monotouch) (>= netstandard2.0)) (&& (< net46) (< netcoreapp2.0) (>= netstandard2.0)) (&& (>= net461) (>= netcoreapp2.0)) (&& (>= net461) (>= netstandard2.0)) (>= netcoreapp2.1) (&& (>= netstandard2.0) (>= uap10.1)) (&& (>= netstandard2.0) (>= xamarintvos)) (&& (>= netstandard2.0) (>= xamarinwatchos)) (>= xamarinios) (>= xamarinmac)
      Microsoft.NETCore.Platforms (>= 5.0) - restriction: || (&& (>= netcoreapp2.0) (< netcoreapp2.1)) (&& (>= netcoreapp2.1) (< netcoreapp3.0))
    System.Text.Encoding (4.3) - restriction: || (&& (< monoandroid) (< monotouch) (< net45) (>= netstandard1.3) (< win8) (< wpa81) (< xamarinios) (< xamarinmac) (< xamarintvos) (< xamarinwatchos)) (&& (< monoandroid) (< net45) (>= netstandard1.1) (< netstandard1.3) (< win8) (< wpa81))
      Microsoft.NETCore.Platforms (>= 1.1) - restriction: || (&& (< monoandroid) (< monotouch) (< net45) (>= netstandard1.3) (< win8) (< wpa81) (< xamarinios) (< xamarinmac) (< xamarintvos) (< xamarinwatchos)) (&& (< monoandroid) (< net45) (>= netstandard1.0) (< netstandard1.3) (< win8) (< wp8) (< wpa81))
      Microsoft.NETCore.Targets (>= 1.1) - restriction: || (&& (< monoandroid) (< monotouch) (< net45) (>= netstandard1.3) (< win8) (< wpa81) (< xamarinios) (< xamarinmac) (< xamarintvos) (< xamarinwatchos)) (&& (< monoandroid) (< net45) (>= netstandard1.0) (< netstandard1.3) (< win8) (< wp8) (< wpa81))
      System.Runtime (>= 4.3) - restriction: || (&& (< monoandroid) (< monotouch) (< net45) (>= netstandard1.3) (< win8) (< wpa81) (< xamarinios) (< xamarinmac) (< xamarintvos) (< xamarinwatchos)) (&& (< monoandroid) (< net45) (>= netstandard1.0) (< netstandard1.3) (< win8) (< wp8) (< wpa81))
    System.Text.Encoding.CodePages (6.0) - restriction: >= netstandard2.0
      System.Memory (>= 4.5.4) - restriction: || (>= net461) (&& (< netcoreapp3.1) (>= netstandard2.0))
      System.Runtime.CompilerServices.Unsafe (>= 6.0) - restriction: || (>= net461) (>= netstandard2.0)
    System.Text.Encodings.Web (6.0) - restriction: >= netstandard2.0
      System.Buffers (>= 4.5.1) - restriction: || (>= net461) (&& (< netcoreapp3.1) (>= netstandard2.0))
      System.Memory (>= 4.5.4) - restriction: || (>= net461) (&& (< netcoreapp3.1) (>= netstandard2.0))
      System.Runtime.CompilerServices.Unsafe (>= 6.0) - restriction: || (>= net461) (>= netstandard2.0)
    System.Text.Json (6.0.2) - restriction: || (&& (< netcoreapp3.1) (>= netstandard2.1)) (>= netstandard2.0)
      Microsoft.Bcl.AsyncInterfaces (>= 6.0) - restriction: || (>= net461) (&& (< netcoreapp3.1) (>= netstandard2.0))
      System.Buffers (>= 4.5.1) - restriction: || (>= net461) (&& (< netcoreapp3.1) (>= netstandard2.0))
      System.Memory (>= 4.5.4) - restriction: || (>= net461) (&& (< netcoreapp3.1) (>= netstandard2.0))
      System.Numerics.Vectors (>= 4.5) - restriction: || (>= net461) (&& (< netcoreapp3.1) (>= netstandard2.0))
      System.Runtime.CompilerServices.Unsafe (>= 6.0) - restriction: || (>= net461) (>= netstandard2.0)
      System.Text.Encodings.Web (>= 6.0) - restriction: || (>= net461) (>= netstandard2.0)
      System.Threading.Tasks.Extensions (>= 4.5.4) - restriction: || (>= net461) (&& (< netcoreapp3.1) (>= netstandard2.0))
      System.ValueTuple (>= 4.5) - restriction: >= net461
    System.Threading (4.3) - restriction: || (&& (< monoandroid) (< monotouch) (< net45) (>= netstandard1.3) (< netstandard2.0) (< win8) (< wpa81) (< xamarintvos) (< xamarinwatchos)) (&& (< monoandroid) (< monotouch) (< net45) (>= netstandard1.3) (< win8) (< wpa81) (< xamarinios) (< xamarinmac) (< xamarintvos) (< xamarinwatchos)) (&& (< monoandroid) (< net45) (>= netstandard2.0) (< win8) (< wpa81) (< xamarinios) (< xamarinmac) (< xamarintvos) (< xamarinwatchos)) (&& (< net35) (>= netstandard2.0))
      System.Runtime (>= 4.3) - restriction: || (&& (< monoandroid) (< monotouch) (< net45) (>= netstandard1.3) (< win8) (< wpa81) (< xamarinios) (< xamarinmac) (< xamarintvos) (< xamarinwatchos)) (&& (< monoandroid) (< net45) (>= netstandard1.0) (< netstandard1.3) (< win8) (< wp8) (< wpa81))
      System.Threading.Tasks (>= 4.3) - restriction: || (&& (< monoandroid) (< monotouch) (< net45) (>= netstandard1.3) (< win8) (< wpa81) (< xamarinios) (< xamarinmac) (< xamarintvos) (< xamarinwatchos)) (&& (< monoandroid) (< net45) (>= netstandard1.0) (< netstandard1.3) (< win8) (< wp8) (< wpa81))
    System.Threading.Channels (6.0) - restriction: || (&& (< netcoreapp3.1) (>= netstandard2.1)) (&& (>= netstandard2.0) (< netstandard2.1))
      System.Threading.Tasks.Extensions (>= 4.5.4) - restriction: || (>= net461) (&& (>= netstandard2.0) (< netstandard2.1))
    System.Threading.Tasks (4.3) - restriction: || (&& (< monoandroid) (< monotouch) (< net45) (>= netstandard1.3) (< win8) (< wpa81) (< xamarinios) (< xamarinmac) (< xamarintvos) (< xamarinwatchos)) (&& (< monoandroid) (< monotouch) (< net45) (>= netstandard1.5) (< win8) (< wpa81) (< xamarinios) (< xamarinmac) (< xamarintvos) (< xamarinwatchos)) (&& (< monoandroid) (< net45) (>= netstandard1.1) (< netstandard1.3) (< win8) (< wpa81)) (&& (< monoandroid) (< net45) (>= netstandard1.3) (< netstandard1.5) (< win8) (< wpa81)) (&& (< monoandroid) (< net45) (< netstandard1.3) (>= netstandard1.5) (< win8) (< wpa81))
      Microsoft.NETCore.Platforms (>= 1.1) - restriction: || (&& (< monoandroid) (< monotouch) (< net45) (>= netstandard1.3) (< win8) (< wpa81) (< xamarinios) (< xamarinmac) (< xamarintvos) (< xamarinwatchos)) (&& (< monoandroid) (< net45) (>= netstandard1.0) (< netstandard1.3) (< win8) (< wp8) (< wpa81))
      Microsoft.NETCore.Targets (>= 1.1) - restriction: || (&& (< monoandroid) (< monotouch) (< net45) (>= netstandard1.3) (< win8) (< wpa81) (< xamarinios) (< xamarinmac) (< xamarintvos) (< xamarinwatchos)) (&& (< monoandroid) (< net45) (>= netstandard1.0) (< netstandard1.3) (< win8) (< wp8) (< wpa81))
      System.Runtime (>= 4.3) - restriction: || (&& (< monoandroid) (< monotouch) (< net45) (>= netstandard1.3) (< win8) (< wpa81) (< xamarinios) (< xamarinmac) (< xamarintvos) (< xamarinwatchos)) (&& (< monoandroid) (< net45) (>= netstandard1.0) (< netstandard1.3) (< win8) (< wp8) (< wpa81))
    System.Threading.Tasks.Dataflow (6.0) - restriction: >= netstandard2.0
    System.Threading.Tasks.Extensions (4.5.4) - restriction: || (>= net47) (>= netstandard2.0)
      System.Runtime.CompilerServices.Unsafe (>= 4.5.3) - restriction: || (&& (< monoandroid) (< monotouch) (< net45) (>= netstandard1.0) (< netstandard2.0) (< win8) (< wpa81) (< xamarintvos) (< xamarinwatchos)) (&& (< monoandroid) (< netstandard1.0) (>= portable-net45+win8+wp8+wpa81) (< win8)) (&& (>= net45) (< netstandard2.0)) (&& (< net45) (< netcoreapp2.1) (>= netstandard2.0) (< xamarinios) (< xamarinmac) (< xamarintvos) (< xamarinwatchos)) (>= net461) (&& (< netstandard1.0) (>= win8)) (&& (< netstandard2.0) (>= wpa81)) (>= wp8)
    System.ValueTuple (4.5) - restriction: || (&& (>= net45) (< net47)) (>= netstandard2.0)
    Weasel.Core (5.2) - restriction: >= netstandard2.0
      Baseline (>= 3.2.2) - restriction: >= netstandard2.0
      System.Threading.Tasks.Extensions (>= 4.5.4) - restriction: && (< net5.0) (>= netstandard2.0)
    Weasel.Postgresql (5.2) - restriction: >= netstandard2.0
      Npgsql (>= 6.0.1 < 7.0) - restriction: >= netstandard2.0
      Weasel.Core (>= 5.2) - restriction: >= netstandard2.0
